GEM
  remote: http://rubygems.org/
  specs:
    curb (0.8.8)
    json (1.8.3)

PLATFORMS
  ruby

DEPENDENCIES
  curb
  json

BUNDLED WITH
   1.10.6
